GEM
  remote: https://rubygems.org/
  specs:
    amq-protocol (2.3.2)
    bunny (2.19.0)
      amq-protocol (~> 2.3, >= 2.3.1)
      sorted_set (~> 1, >= 1.0.2)
    coderay (1.1.3)
    connection_pool (2.2.5)
    logger (1.5.1)
    method_source (1.0.0)
    pry (0.14.1)
      coderay (~> 1.1)
      method_source (~> 1.0)
    rbtree (0.4.5)
    redis (5.0.3)
      redis-client (>= 0.7.4)
    redis-client (0.8.0)
      connection_pool
    set (1.0.3)
    sorted_set (1.0.3)
      rbtree
      set (~> 1.0)

PLATFORMS
  arm64-darwin-21
  x86_64-darwin-21

DEPENDENCIES
  bunny
  logger
  pry
  redis

BUNDLED WITH
   2.3.22
